GEM
  remote: https://rubygems.org/
  specs:
    diff-lcs (1.2.5)
    fast-stemmer (1.0.2)
    rake (10.1.1)
    rdoc (6.2.1)
    rspec (2.14.1)
      rspec-core (~> 2.14.0)
      rspec-expectations (~> 2.14.0)
      rspec-mocks (~> 2.14.0)
    rspec-core (2.14.7)
    rspec-expectations (2.14.4)
      diff-lcs (>= 1.1.3, < 2.0)
    rspec-mocks (2.14.4)

PLATFORMS
  ruby

DEPENDENCIES
  fast-stemmer
  rake
  rdoc (>= 4.3.0)
  rspec

BUNDLED WITH
   1.17.3
